GIT
  remote: https://github.com/mastodon/rails-settings-cached.git
  revision: 86328ef0bd04ce21cc0504ff5e334591e8c2ccab
  branch: v0.6.6-aliases-true
  specs:
    rails-settings-cached (0.6.6)
      rails (>= 4.2.0)

GIT
  remote: https://github.com/stanhu/omniauth-cas.git
  revision: 4211e6d05941b4a981f9a36b49ec166cecd0e271
  ref: 4211e6d05941b4a981f9a36b49ec166cecd0e271
  specs:
    omniauth-cas (2.0.0)
      addressable (~> 2.3)
      nokogiri (~> 1.5)
      omniauth (>= 1.2, < 3)

GEM
  remote: https://rubygems.org/
  specs:
    actioncable (6.1.6)
      actionpack (= 6.1.6)
      activesupport (= 6.1.6)
      nio4r (~> 2.0)
      websocket-driver (>= 0.6.1)
    actionmailbox (6.1.6)
      actionpack (= 6.1.6)
      activejob (= 6.1.6)
      activerecord (= 6.1.6)
      activestorage (= 6.1.6)
      activesupport (= 6.1.6)
      mail (>= 2.7.1)
    actionmailer (6.1.6)
      actionpack (= 6.1.6)
      actionview (= 6.1.6)
      activejob (= 6.1.6)
      activesupport (= 6.1.6)
      mail (~> 2.5, >= 2.5.4)
      rails-dom-testing (~> 2.0)
    actionpack (6.1.6)
      actionview (= 6.1.6)
      activesupport (= 6.1.6)
      rack (~> 2.0, >= 2.0.9)
      rack-test (>= 0.6.3)
      rails-dom-testing (~> 2.0)
      rails-html-sanitizer (~> 1.0, >= 1.2.0)
    actiontext (6.1.6)
      actionpack (= 6.1.6)
      activerecord (= 6.1.6)
      activestorage (= 6.1.6)
      activesupport (= 6.1.6)
      nokogiri (>= 1.8.5)
    actionview (6.1.6)
      activesupport (= 6.1.6)
      builder (~> 3.1)
      erubi (~> 1.4)
      rails-dom-testing (~> 2.0)
      rails-html-sanitizer (~> 1.1, >= 1.2.0)
    active_model_serializers (0.10.13)
      actionpack (>= 4.1, < 7.1)
      activemodel (>= 4.1, < 7.1)
      case_transform (>= 0.2)
      jsonapi-renderer (>= 0.1.1.beta1, < 0.3)
    active_record_query_trace (1.8)
    activejob (6.1.6)
      activesupport (= 6.1.6)
      globalid (>= 0.3.6)
    activemodel (6.1.6)
      activesupport (= 6.1.6)
    activerecord (6.1.6)
      activemodel (= 6.1.6)
      activesupport (= 6.1.6)
    activestorage (6.1.6)
      actionpack (= 6.1.6)
      activejob (= 6.1.6)
      activerecord (= 6.1.6)
      activesupport (= 6.1.6)
      marcel (~> 1.0)
      mini_mime (>= 1.1.0)
    activesupport (6.1.6)
      concurrent-ruby (~> 1.0, >= 1.0.2)
      i18n (>= 1.6, < 2)
      minitest (>= 5.1)
      tzinfo (~> 2.0)
      zeitwerk (~> 2.3)
    addressable (2.8.0)
      public_suffix (>= 2.0.2, < 5.0)
    aes_key_wrap (1.1.0)
    airbrussh (1.4.0)
      sshkit (>= 1.6.1, != 1.7.0)
    android_key_attestation (0.3.0)
    annotate (3.2.0)
      activerecord (>= 3.2, < 8.0)
      rake (>= 10.4, < 14.0)
    ast (2.4.2)
    attr_encrypted (3.1.0)
      encryptor (~> 3.0.0)
    attr_required (1.0.2)
    awrence (1.1.1)
    aws-eventstream (1.2.0)
    aws-partitions (1.587.0)
    aws-sdk-core (3.130.2)
      aws-eventstream (~> 1, >= 1.0.2)
      aws-partitions (~> 1, >= 1.525.0)
      aws-sigv4 (~> 1.1)
      jmespath (~> 1.0)
    aws-sdk-kms (1.56.0)
      aws-sdk-core (~> 3, >= 3.127.0)
      aws-sigv4 (~> 1.1)
    aws-sdk-s3 (1.114.0)
      aws-sdk-core (~> 3, >= 3.127.0)
      aws-sdk-kms (~> 1)
      aws-sigv4 (~> 1.4)
    aws-sigv4 (1.5.0)
      aws-eventstream (~> 1, >= 1.0.2)
    bcrypt (3.1.17)
    better_errors (2.9.1)
      coderay (>= 1.0.0)
      erubi (>= 1.0.0)
      rack (>= 0.9.0)
    better_html (1.0.16)
      actionview (>= 4.0)
      activesupport (>= 4.0)
      ast (~> 2.0)
      erubi (~> 1.4)
      html_tokenizer (~> 0.0.6)
      parser (>= 2.4)
      smart_properties
    bindata (2.4.15)
    binding_of_caller (1.0.0)
      debug_inspector (>= 0.0.1)
    blurhash (0.1.7)
    bootsnap (1.13.0)
      msgpack (~> 1.2)
    brakeman (5.2.3)
    browser (4.2.0)
    brpoplpush-redis_script (0.1.2)
      concurrent-ruby (~> 1.0, >= 1.0.5)
      redis (>= 1.0, <= 5.0)
    builder (3.2.4)
    bullet (7.0.2)
      activesupport (>= 3.0.0)
      uniform_notifier (~> 1.11)
    bundler-audit (0.9.1)
      bundler (>= 1.2.0, < 3)
      thor (~> 1.0)
    byebug (11.1.3)
    capistrano (3.17.0)
      airbrussh (>= 1.0.0)
      i18n
      rake (>= 10.0.0)
      sshkit (>= 1.9.0)
    capistrano-bundler (2.0.1)
      capistrano (~> 3.1)
    capistrano-rails (1.6.2)
      capistrano (~> 3.1)
      capistrano-bundler (>= 1.1, < 3)
    capistrano-rbenv (2.2.0)
      capistrano (~> 3.1)
      sshkit (~> 1.3)
    capistrano-yarn (2.0.2)
      capistrano (~> 3.0)
    capybara (3.37.1)
      addressable
      matrix
      mini_mime (>= 0.1.3)
      nokogiri (~> 1.8)
      rack (>= 1.6.0)
      rack-test (>= 0.6.3)
      regexp_parser (>= 1.5, < 3.0)
      xpath (~> 3.2)
    case_transform (0.2)
      activesupport
    cbor (0.5.9.6)
    charlock_holmes (0.7.7)
    chewy (7.2.4)
      activesupport (>= 5.2)
      elasticsearch (>= 7.12.0, < 7.14.0)
      elasticsearch-dsl
    chunky_png (1.4.0)
    climate_control (0.2.0)
    cocoon (1.2.15)
    coderay (1.1.3)
    color_diff (0.1)
    concurrent-ruby (1.1.10)
    connection_pool (2.2.5)
    cose (1.3.0)
      cbor (~> 0.5.9)
      openssl-signature_algorithm (~> 1.0)
    crack (0.4.5)
      rexml
    crass (1.0.6)
    css_parser (1.7.1)
      addressable
    debug_inspector (1.0.0)
    devise (4.8.1)
      bcrypt (~> 3.0)
      orm_adapter (~> 0.1)
      railties (>= 4.1.0)
      responders
      warden (~> 1.2.3)
    devise-two-factor (4.0.2)
      activesupport (< 7.1)
      attr_encrypted (>= 1.3, < 4, != 2)
      devise (~> 4.0)
      railties (< 7.1)
      rotp (~> 6.0)
    devise_pam_authenticatable2 (9.2.0)
      devise (>= 4.0.0)
      rpam2 (~> 4.0)
    diff-lcs (1.5.0)
    discard (1.2.1)
      activerecord (>= 4.2, < 8)
    docile (1.3.4)
    domain_name (0.5.20190701)
      unf (>= 0.0.5, < 1.0.0)
    doorkeeper (5.5.4)
      railties (>= 5)
    dotenv (2.8.1)
    dotenv-rails (2.8.1)
      dotenv (= 2.8.1)
      railties (>= 3.2)
    ed25519 (1.3.0)
    elasticsearch (7.13.3)
      elasticsearch-api (= 7.13.3)
      elasticsearch-transport (= 7.13.3)
    elasticsearch-api (7.13.3)
      multi_json
    elasticsearch-dsl (0.1.10)
    elasticsearch-transport (7.13.3)
      faraday (~> 1)
      multi_json
    encryptor (3.0.0)
    erubi (1.10.0)
    et-orbi (1.2.7)
      tzinfo
    excon (0.76.0)
    fabrication (2.30.0)
    faker (2.22.0)
      i18n (>= 1.8.11, < 2)
    faraday (1.9.3)
      faraday-em_http (~> 1.0)
      faraday-em_synchrony (~> 1.0)
      faraday-excon (~> 1.1)
      faraday-httpclient (~> 1.0)
      faraday-multipart (~> 1.0)
      faraday-net_http (~> 1.0)
      faraday-net_http_persistent (~> 1.0)
      faraday-patron (~> 1.0)
      faraday-rack (~> 1.0)
      faraday-retry (~> 1.0)
      ruby2_keywords (>= 0.0.4)
    faraday-em_http (1.0.0)
    faraday-em_synchrony (1.0.0)
    faraday-excon (1.1.0)
    faraday-httpclient (1.0.1)
    faraday-multipart (1.0.3)
      multipart-post (>= 1.2, < 3)
    faraday-net_http (1.0.1)
    faraday-net_http_persistent (1.2.0)
    faraday-patron (1.0.0)
    faraday-rack (1.0.0)
    faraday-retry (1.0.3)
    fast_blank (1.0.1)
    fastimage (2.2.6)
    ffi (1.16.3)
    ffi-compiler (1.0.1)
      ffi (>= 1.0.0)
      rake
    fog-core (2.1.0)
      builder
      excon (~> 0.58)
      formatador (~> 0.2)
      mime-types
    fog-json (1.2.0)
      fog-core
      multi_json (~> 1.10)
    fog-openstack (0.3.10)
      fog-core (>= 1.45, <= 2.1.0)
      fog-json (>= 1.0)
      ipaddress (>= 0.8)
    formatador (0.2.5)
    fugit (1.5.3)
      et-orbi (~> 1, >= 1.2.7)
      raabro (~> 1.4)
    fuubar (2.5.1)
      rspec-core (~> 3.0)
      ruby-progressbar (~> 1.4)
    globalid (1.0.0)
      activesupport (>= 5.0)
    hamlit (2.13.0)
      temple (>= 0.8.2)
      thor
      tilt
    hamlit-rails (0.2.3)
      actionpack (>= 4.0.1)
      activesupport (>= 4.0.1)
      hamlit (>= 1.2.0)
      railties (>= 4.0.1)
    hashdiff (1.0.1)
    hashie (5.0.0)
    hcaptcha (7.1.0)
      json
    highline (2.0.3)
    hiredis (0.6.3)
    hkdf (0.3.0)
    html_tokenizer (0.0.7)
    htmlentities (4.3.4)
    http (5.1.0)
      addressable (~> 2.8)
      http-cookie (~> 1.0)
      http-form_data (~> 2.2)
      llhttp-ffi (~> 0.4.0)
    http-cookie (1.0.5)
      domain_name (~> 0.5)
    http-form_data (2.3.0)
    http_accept_language (2.1.1)
    httpclient (2.8.3)
    httplog (1.5.0)
      rack (>= 1.0)
      rainbow (>= 2.0.0)
    i18n (1.12.0)
      concurrent-ruby (~> 1.0)
    i18n-tasks (1.0.11)
      activesupport (>= 4.0.2)
      ast (>= 2.1.0)
      better_html (~> 1.0)
      erubi
      highline (>= 2.0.0)
      i18n
      parser (>= 2.2.3.0)
      rails-i18n
      rainbow (>= 2.2.2, < 4.0)
      terminal-table (>= 1.5.1)
    idn-ruby (0.1.4)
    ipaddress (0.8.3)
    jmespath (1.6.1)
    json (2.6.2)
    json-canonicalization (0.3.0)
    json-jwt (1.15.3)
      activesupport (>= 4.2)
      aes_key_wrap
      bindata
      httpclient
    json-ld (3.2.0)
      htmlentities (~> 4.3)
      json-canonicalization (~> 0.3)
      link_header (~> 0.0, >= 0.0.8)
      multi_json (~> 1.15)
      rack (~> 2.2)
      rdf (~> 3.2)
    json-ld-preloaded (3.2.0)
      json-ld (~> 3.2)
      rdf (~> 3.2)
    jsonapi-renderer (0.2.2)
    jwt (2.7.0)
    kaminari (1.2.2)
      activesupport (>= 4.1.0)
      kaminari-actionview (= 1.2.2)
      kaminari-activerecord (= 1.2.2)
      kaminari-core (= 1.2.2)
    kaminari-actionview (1.2.2)
      actionview
      kaminari-core (= 1.2.2)
    kaminari-activerecord (1.2.2)
      activerecord
      kaminari-core (= 1.2.2)
    kaminari-core (1.2.2)
    kt-paperclip (7.2.1)
      activemodel (>= 4.2.0)
      activesupport (>= 4.2.0)
      marcel (~> 1.0.1)
      mime-types
      terrapin (~> 0.6.0)
    launchy (2.5.0)
      addressable (~> 2.7)
    letter_opener (1.8.1)
      launchy (>= 2.2, < 3)
    letter_opener_web (2.0.0)
      actionmailer (>= 5.2)
      letter_opener (~> 1.7)
      railties (>= 5.2)
      rexml
    link_header (0.0.8)
    llhttp-ffi (0.4.0)
      ffi-compiler (~> 1.0)
      rake (~> 13.0)
    lograge (0.12.0)
      actionpack (>= 4)
      activesupport (>= 4)
      railties (>= 4)
      request_store (~> 1.0)
    loofah (2.18.0)
      crass (~> 1.0.2)
      nokogiri (>= 1.5.9)
    mail (2.7.1)
      mini_mime (>= 0.1.1)
    makara (0.5.1)
      activerecord (>= 5.2.0)
    marcel (1.0.2)
    mario-redis-lock (1.2.1)
      redis (>= 3.0.5)
    matrix (0.4.2)
    memory_profiler (1.0.0)
    method_source (1.0.0)
    microformats (4.5.0)
      json
      nokogiri
    mime-types (3.4.1)
      mime-types-data (~> 3.2015)
    mime-types-data (3.2022.0105)
    mini_mime (1.1.2)
    mini_portile2 (2.8.0)
    minitest (5.16.2)
    msgpack (1.5.4)
    multi_json (1.15.0)
    multipart-post (2.1.1)
    net-ldap (0.17.1)
    net-protocol (0.2.2)
      timeout
    net-scp (3.0.0)
      net-ssh (>= 2.6.5, < 7.0.0)
    net-smtp (0.4.0.1)
      net-protocol
    net-ssh (6.1.0)
    nio4r (2.5.8)
    nokogiri (1.13.8)
      mini_portile2 (~> 2.8.0)
      racc (~> 1.4)
    nsa (0.2.8)
      activesupport (>= 4.2, < 7)
      concurrent-ruby (~> 1.0, >= 1.0.2)
      sidekiq (>= 3.5)
      statsd-ruby (~> 1.4, >= 1.4.0)
    oj (3.13.18)
    omniauth (2.1.1)
      hashie (>= 3.4.6)
      rack (>= 2.2.3)
      rack-protection
    omniauth-rails_csrf_protection (1.0.1)
      actionpack (>= 4.2)
      omniauth (~> 2.0)
    omniauth-saml (2.1.0)
      omniauth (~> 2.0)
      ruby-saml (~> 1.12)
    omniauth_openid_connect (0.6.1)
      omniauth (>= 1.9, < 3)
      openid_connect (~> 1.1)
    openid_connect (1.4.2)
      activemodel
      attr_required (>= 1.0.0)
      json-jwt (>= 1.15.0)
      net-smtp
      rack-oauth2 (~> 1.21)
      swd (~> 1.3)
      tzinfo
      validate_email
      validate_url
      webfinger (~> 1.2)
    openssl (3.1.0)
    openssl-signature_algorithm (1.3.0)
      openssl (> 2.0)
    orm_adapter (0.5.0)
    ox (2.14.17)
    parallel (1.22.1)
    parser (3.1.2.0)
      ast (~> 2.4.1)
    parslet (2.0.0)
    pastel (0.8.0)
      tty-color (~> 0.5)
    pg (1.4.2)
    pghero (2.8.3)
      activerecord (>= 5)
    pkg-config (1.4.7)
    posix-spawn (0.3.15)
    premailer (1.14.2)
      addressable
      css_parser (>= 1.6.0)
      htmlentities (>= 4.0.0)
    premailer-rails (1.11.1)
      actionmailer (>= 3)
      premailer (~> 1.7, >= 1.7.9)
    private_address_check (0.5.0)
    pry (0.13.1)
      coderay (~> 1.1)
      method_source (~> 1.0)
    pry-byebug (3.9.0)
      byebug (~> 11.0)
      pry (~> 0.13.0)
    pry-rails (0.3.9)
      pry (>= 0.10.4)
    public_suffix (4.0.7)
    puma (5.6.4)
      nio4r (~> 2.0)
    pundit (2.2.0)
      activesupport (>= 3.0.0)
    raabro (1.4.0)
    racc (1.6.0)
    rack (2.2.4)
    rack-attack (6.6.1)
      rack (>= 1.0, < 3)
    rack-cors (1.1.1)
      rack (>= 2.0.0)
    rack-oauth2 (1.21.3)
      activesupport
      attr_required
      httpclient
      json-jwt (>= 1.11.0)
      rack (>= 2.1.0)
    rack-protection (3.0.5)
      rack
    rack-proxy (0.7.0)
      rack
    rack-test (2.0.2)
      rack (>= 1.3)
    rails (6.1.6)
      actioncable (= 6.1.6)
      actionmailbox (= 6.1.6)
      actionmailer (= 6.1.6)
      actionpack (= 6.1.6)
      actiontext (= 6.1.6)
      actionview (= 6.1.6)
      activejob (= 6.1.6)
      activemodel (= 6.1.6)
      activerecord (= 6.1.6)
      activestorage (= 6.1.6)
      activesupport (= 6.1.6)
      bundler (>= 1.15.0)
      railties (= 6.1.6)
      sprockets-rails (>= 2.0.0)
    rails-controller-testing (1.0.5)
      actionpack (>= 5.0.1.rc1)
      actionview (>= 5.0.1.rc1)
      activesupport (>= 5.0.1.rc1)
    rails-dom-testing (2.0.3)
      activesupport (>= 4.2.0)
      nokogiri (>= 1.6)
    rails-html-sanitizer (1.4.3)
      loofah (~> 2.3)
    rails-i18n (6.0.0)
      i18n (>= 0.7, < 2)
      railties (>= 6.0.0, < 7)
    railties (6.1.6)
      actionpack (= 6.1.6)
      activesupport (= 6.1.6)
      method_source
      rake (>= 12.2)
      thor (~> 1.0)
    rainbow (3.1.1)
    rake (13.0.6)
    rdf (3.2.3)
      link_header (~> 0.0, >= 0.0.8)
    rdf-normalize (0.5.0)
      rdf (~> 3.2)
    redcarpet (3.5.1)
    redis (4.5.1)
    redis-namespace (1.8.2)
      redis (>= 3.0.4)
    regexp_parser (2.5.0)
    request_store (1.5.1)
      rack (>= 1.4)
    responders (3.0.1)
      actionpack (>= 5.0)
      railties (>= 5.0)
    rexml (3.2.5)
    rotp (6.2.0)
    rpam2 (4.0.2)
    rqrcode (2.1.2)
      chunky_png (~> 1.0)
      rqrcode_core (~> 1.0)
    rqrcode_core (1.2.0)
    rspec-core (3.11.0)
      rspec-support (~> 3.11.0)
    rspec-expectations (3.11.0)
      diff-lcs (>= 1.2.0, < 2.0)
      rspec-support (~> 3.11.0)
    rspec-mocks (3.11.1)
      diff-lcs (>= 1.2.0, < 2.0)
      rspec-support (~> 3.11.0)
    rspec-rails (5.1.2)
      actionpack (>= 5.2)
      activesupport (>= 5.2)
      railties (>= 5.2)
      rspec-core (~> 3.10)
      rspec-expectations (~> 3.10)
      rspec-mocks (~> 3.10)
      rspec-support (~> 3.10)
    rspec-sidekiq (3.1.0)
      rspec-core (~> 3.0, >= 3.0.0)
      sidekiq (>= 2.4.0)
    rspec-support (3.11.0)
    rspec_junit_formatter (0.5.1)
      rspec-core (>= 2, < 4, != 2.12.0)
    rubocop (1.30.1)
      parallel (~> 1.10)
      parser (>= 3.1.0.0)
      rainbow (>= 2.2.2, < 4.0)
      regexp_parser (>= 1.8, < 3.0)
      rexml (>= 3.2.5, < 4.0)
      rubocop-ast (>= 1.18.0, < 2.0)
      ruby-progressbar (~> 1.7)
      unicode-display_width (>= 1.4.0, < 3.0)
    rubocop-ast (1.18.0)
      parser (>= 3.1.1.0)
    rubocop-rails (2.15.0)
      activesupport (>= 4.2.0)
      rack (>= 1.1)
      rubocop (>= 1.7.0, < 2.0)
    ruby-progressbar (1.11.0)
    ruby-saml (1.13.0)
      nokogiri (>= 1.10.5)
      rexml
    ruby2_keywords (0.0.5)
    rufus-scheduler (3.8.1)
      fugit (~> 1.1, >= 1.1.6)
    safety_net_attestation (0.4.0)
      jwt (~> 2.0)
    sanitize (6.0.0)
      crass (~> 1.0.2)
      nokogiri (>= 1.12.0)
    scenic (1.6.0)
      activerecord (>= 4.0.0)
      railties (>= 4.0.0)
    securecompare (1.0.0)
    semantic_range (3.0.0)
    sidekiq (6.5.1)
      connection_pool (>= 2.2.2)
      rack (~> 2.0)
      redis (>= 4.2.0)
    sidekiq-bulk (0.2.0)
      sidekiq
    sidekiq-scheduler (4.0.2)
      redis (>= 4.2.0)
      rufus-scheduler (~> 3.2)
      sidekiq (>= 4)
      tilt (>= 1.4.0)
    sidekiq-unique-jobs (7.1.26)
      brpoplpush-redis_script (> 0.1.1, <= 2.0.0)
      concurrent-ruby (~> 1.0, >= 1.0.5)
      sidekiq (>= 5.0, < 8.0)
      thor (>= 0.20, < 3.0)
    simple-navigation (4.4.0)
      activesupport (>= 2.3.2)
    simple_form (5.1.0)
      actionpack (>= 5.2)
      activemodel (>= 5.2)
    simplecov (0.21.2)
      docile (~> 1.1)
      simplecov-html (~> 0.11)
      simplecov_json_formatter (~> 0.1)
    simplecov-html (0.12.3)
    simplecov_json_formatter (0.1.2)
    smart_properties (1.17.0)
    sprockets (3.7.2)
      concurrent-ruby (~> 1.0)
      rack (> 1, < 3)
    sprockets-rails (3.4.2)
      actionpack (>= 5.2)
      activesupport (>= 5.2)
      sprockets (>= 3.0.0)
    sshkit (1.21.2)
      net-scp (>= 1.1.2)
      net-ssh (>= 2.8.0)
    stackprof (0.2.20)
    statsd-ruby (1.5.0)
    stoplight (3.0.0)
    strong_migrations (0.7.9)
      activerecord (>= 5)
    swd (1.3.0)
      activesupport (>= 3)
      attr_required (>= 0.0.5)
      httpclient (>= 2.4)
    temple (0.8.2)
    terminal-table (3.0.2)
      unicode-display_width (>= 1.1.1, < 3)
    terrapin (0.6.0)
      climate_control (>= 0.0.3, < 1.0)
    thor (1.2.1)
    tilt (2.0.10)
    timeout (0.4.1)
    tpm-key_attestation (0.12.0)
      bindata (~> 2.4)
      openssl (> 2.0)
      openssl-signature_algorithm (~> 1.0)
    tty-color (0.6.0)
    tty-cursor (0.7.1)
    tty-prompt (0.23.1)
      pastel (~> 0.8)
      tty-reader (~> 0.8)
    tty-reader (0.9.0)
      tty-cursor (~> 0.7)
      tty-screen (~> 0.8)
      wisper (~> 2.0)
    tty-screen (0.8.1)
    twitter-text (3.1.0)
      idn-ruby
      unf (~> 0.1.0)
    tzinfo (2.0.5)
      concurrent-ruby (~> 1.0)
    tzinfo-data (1.2022.1)
      tzinfo (>= 1.0.0)
    unf (0.1.4)
      unf_ext
    unf_ext (0.0.8.2)
    unicode-display_width (2.1.0)
    uniform_notifier (1.16.0)
    validate_email (0.1.6)
      activemodel (>= 3.0)
      mail (>= 2.2.5)
    validate_url (1.0.15)
      activemodel (>= 3.0.0)
      public_suffix
    warden (1.2.9)
      rack (>= 2.0.9)
    webauthn (3.0.0)
      android_key_attestation (~> 0.3.0)
      awrence (~> 1.1)
      bindata (~> 2.4)
      cbor (~> 0.5.9)
      cose (~> 1.0)
      openssl (>= 2.0)
      safety_net_attestation (~> 0.4.0)
      securecompare (~> 1.0)
      tpm-key_attestation (~> 0.12.0)
    webfinger (1.2.0)
      activesupport
      httpclient (>= 2.4)
    webmock (3.14.0)
      addressable (>= 2.8.0)
      crack (>= 0.3.2)
      hashdiff (>= 0.4.0, < 2.0.0)
    webpacker (5.4.3)
      activesupport (>= 5.2)
      rack-proxy (>= 0.6.1)
      railties (>= 5.2)
      semantic_range (>= 2.3.0)
    webpush (0.3.8)
      hkdf (~> 0.2)
      jwt (~> 2.0)
    websocket-driver (0.7.5)
      websocket-extensions (>= 0.1.0)
    websocket-extensions (0.1.5)
    wisper (2.0.1)
    xorcist (1.1.2)
    xpath (3.2.0)
      nokogiri (~> 1.8)
    zeitwerk (2.6.0)

PLATFORMS
  x86_64-linux

DEPENDENCIES
  active_model_serializers (~> 0.10)
  active_record_query_trace (~> 1.8)
  addressable (~> 2.8)
  annotate (~> 3.2)
  aws-sdk-s3 (~> 1.114)
  better_errors (~> 2.9)
  binding_of_caller (~> 1.0)
  blurhash (~> 0.1)
  bootsnap (~> 1.13.0)
  brakeman (~> 5.2)
  browser
  bullet (~> 7.0)
  bundler-audit (~> 0.9)
  capistrano (~> 3.17)
  capistrano-rails (~> 1.6)
  capistrano-rbenv (~> 2.2)
  capistrano-yarn (~> 2.0)
  capybara (~> 3.37)
  charlock_holmes (~> 0.7.7)
  chewy (~> 7.2)
  climate_control (~> 0.2)
  cocoon (~> 1.2)
  color_diff (~> 0.1)
  concurrent-ruby
  connection_pool
  devise (~> 4.8)
  devise-two-factor (~> 4.0)
  devise_pam_authenticatable2 (~> 9.2)
  discard (~> 1.2)
  doorkeeper (~> 5.5)
  dotenv-rails (~> 2.8)
  ed25519 (~> 1.3)
  fabrication (~> 2.30)
  faker (~> 2.22)
  fast_blank (~> 1.0)
  fastimage
  fog-core (<= 2.1.0)
  fog-openstack (~> 0.3)
  fuubar (~> 2.5)
  hamlit-rails (~> 0.2)
  hcaptcha (~> 7.1)
  hiredis (~> 0.6)
  htmlentities (~> 4.3)
  http (~> 5.1)
  http_accept_language (~> 2.1)
  httplog (~> 1.5.0)
  i18n-tasks (~> 1.0)
  idn-ruby
  json-ld
  json-ld-preloaded (~> 3.2)
  kaminari (~> 1.2)
  kt-paperclip (~> 7.2)
  letter_opener (~> 1.8)
  letter_opener_web (~> 2.0)
  link_header (~> 0.0)
  lograge (~> 0.12)
  makara (~> 0.5)
  mario-redis-lock (~> 1.2)
  memory_profiler
  microformats (~> 4.4)
  mime-types (~> 3.4.1)
  net-ldap (~> 0.17)
  nokogiri (~> 1.13)
  nsa (~> 0.2)
  oj (~> 3.13)
  omniauth (~> 2.0)
  omniauth-cas!
  omniauth-rails_csrf_protection (~> 1.0)
  omniauth-saml (~> 2.0)
  omniauth_openid_connect (~> 0.6.1)
  ox (~> 2.14)
  parslet
  pg (~> 1.4)
  pghero (~> 2.8)
  pkg-config (~> 1.4)
  posix-spawn
  premailer-rails
  private_address_check (~> 0.5)
  pry-byebug (~> 3.9)
  pry-rails (~> 0.3)
  puma (~> 5.6)
  pundit (~> 2.2)
  rack (~> 2.2.4)
  rack-attack (~> 6.6)
  rack-cors (~> 1.1)
  rails (~> 6.1.6)
  rails-controller-testing (~> 1.0)
  rails-i18n (~> 6.0)
  rails-settings-cached (~> 0.6)!
  rdf-normalize (~> 0.5)
  redcarpet (~> 3.5)
  redis (~> 4.5)
  redis-namespace (~> 1.8)
  rexml (~> 3.2)
  rqrcode (~> 2.1)
  rspec-rails (~> 5.1)
  rspec-sidekiq (~> 3.1)
  rspec_junit_formatter (~> 0.5)
  rubocop (~> 1.30)
  rubocop-rails (~> 2.15)
  ruby-progressbar (~> 1.11)
  sanitize (~> 6.0)
  scenic (~> 1.6)
  sidekiq (~> 6.5)
  sidekiq-bulk (~> 0.2.0)
  sidekiq-scheduler (~> 4.0)
  sidekiq-unique-jobs (~> 7.1)
  simple-navigation (~> 4.4)
  simple_form (~> 5.1)
  simplecov (~> 0.21)
  sprockets (~> 3.7.2)
  sprockets-rails (~> 3.4)
  stackprof
  stoplight (~> 3.0.0)
  strong_migrations (~> 0.7)
  thor (~> 1.2)
  tty-prompt (~> 0.23)
  twitter-text (~> 3.1.0)
  tzinfo-data (~> 1.2022)
  webauthn (~> 3.0)
  webmock (~> 3.14)
  webpacker (~> 5.4)
  webpush (~> 0.3)
  xorcist (~> 1.1)

CHECKSUMS
  actioncable (6.1.6) sha256=ec31d409cf18049702b921b102c6a987d29ae50b5e842b8345de04ce0b9c1f5d
  actionmailbox (6.1.6) sha256=984fe9cfe2085b23fa3b50302162d41ad09d68b61d2de6b6fc09bc38e6c9a27c
  actionmailer (6.1.6) sha256=8c071ea7839d96e9d905a8596f767b894ce82d88cbfe5e78b6014974339ccba0
  actionpack (6.1.6) sha256=0b66ed4da3d90d2fdf04ed1d1830094ec3bfd2876eb134be7d1b934d005e54f1
  actiontext (6.1.6) sha256=0086bab75fb986ad432e6c3505e5ebcee8b717caa8807c07ebf9a36aed06db68
  actionview (6.1.6) sha256=0382e8aa9d9d951d48d7131b9db88fb59dab901c12a86c5fc55f03b6ef812017
  active_model_serializers (0.10.13) sha256=fe81ea418e1372707f726c601e62a75bc93f09c1d802b909e543fa212f3bb775
  active_record_query_trace (1.8) sha256=1680327c6db78af0a9e83e86f505324edec4a597669bc8d41479e3db244708a5
  activejob (6.1.6) sha256=05d06ab8a61a9705a967a10dfcf73f835eba1dee55f3d3b1d70dbcd57eee5b3e
  activemodel (6.1.6) sha256=9dbea47c688b308cdc20dd488a67d6f773dac04c888626012e7d6f1643890ab8
  activerecord (6.1.6) sha256=77b5fe252d82d28b04861d96c770d524aa5f4db830f19dc70b57f958f7b4124e
  activestorage (6.1.6) sha256=0aca07b550ba982e83d7f5e42d43df37173c7ceeccd42e3cf3ee7d492400860f
  activesupport (6.1.6) sha256=dc4fdc4bb9076d6c26e67b6a00557909adac9adb0b65fcd0fa7b80da1ebf9f23
  addressable (2.8.0) sha256=f76d29d2d1f54b6c6a49aec58f9583b08d97e088c227a3fcba92f6c6531d5908
  aes_key_wrap (1.1.0) sha256=b935f4756b37375895db45669e79dfcdc0f7901e12d4e08974d5540c8e0776a5
  airbrussh (1.4.0) sha256=9786f2f641cc7c4a7c8199c45a6b959842683a5399ae20ff6570bf718269959a
  android_key_attestation (0.3.0) sha256=467eb01a99d2bb48ef9cf24cc13712669d7056cba5a52d009554ff037560570b
  annotate (3.2.0) sha256=9a61baa1fb13880aa3a8d9f62553889bb2a3b7970f88bbc66d3ac75a567780d3
  ast (2.4.2) sha256=1e280232e6a33754cde542bc5ef85520b74db2aac73ec14acef453784447cc12
  attr_encrypted (3.1.0) sha256=4f0682604714ed4599cf00771ad27e82f0b51b0ed8644af51a43d21fbe129b59
  attr_required (1.0.2) sha256=f0ebfc56b35e874f4d0ae799066dbc1f81efefe2364ca3803dc9ea6a4de6cb99
  awrence (1.1.1) sha256=9be584c97408ed92d5e1ca11740853646fe270de675f2f8dd44e8233226dfc97
  aws-eventstream (1.2.0) sha256=ffa53482c92880b001ff2fb06919b9bb82fd847cbb0fa244985d2ebb6dd0d1df
  aws-partitions (1.587.0) sha256=f55f830803d27cd8ed314050ce2fc2c58f9218189f58e28ce967b582dd120b6f
  aws-sdk-core (3.130.2) sha256=5629c5d58f508c7fd4cfd4ee46a96b7c3f2f85094058f3194cc93eebb65a5241
  aws-sdk-kms (1.56.0) sha256=c3790147ec895e198c23e36d6949e57a8ea225de0dfb96393ebe85de3076ac91
  aws-sdk-s3 (1.114.0) sha256=ce0f71df1a7b0fb1f88d40a70636ef1a9b08e69fb560694c5dab3f4ac7efcde4
  aws-sigv4 (1.5.0) sha256=3f81c08bacabec6cbc77ebbbac755ca6132a74a4a3279afbde64db83796ce776
  bcrypt (3.1.17) sha256=c53876c0fdd9604a0c0927a8f7f79cd21dd8f88d29c2a88fbf99326a336c53e5
  better_errors (2.9.1) sha256=39efc116ab04d6c4200052c5782936e4bd99906978d098992bce6bf81d054284
  better_html (1.0.16) sha256=0b95806bed48f7fed6159663217d1cbcda9691bb6bdd6271ec769df748da5aeb
  bindata (2.4.15) sha256=e567e4278223e041caf4e623de870b2df8a93479d8f13e2b478bad45e0fbc413
  binding_of_caller (1.0.0) sha256=3aad25d1d538fc6e7972978f9bf512ccd992784009947c81633bea776713161d
  blurhash (0.1.7) sha256=c8f553d3d0ebf352df3a9d5c8a4ab518c250f9ba24b3314fddc88ee3f173ea14
  bootsnap (1.13.0) sha256=c673282ec0f48506f093ca9acefe0f666d1ab9fda716e49fb95c9fe677653e78
  brakeman (5.2.3) sha256=5b6efb6a1e5c2b79063553647638e17239d2d2f4d50561230c8b0acaae4728d4
  browser (4.2.0) sha256=fc194b422ea8b313f98443c6ec249ccf252e29007ce01bb99ebe828bd7fe3e60
  brpoplpush-redis_script (0.1.2) sha256=327d5fcc608f0cb3ff96b8b0f61d3794ef5242a1d74514ab2f8353d8080a5566
  builder (3.2.4) sha256=99caf08af60c8d7f3a6b004029c4c3c0bdaebced6c949165fe98f1db27fbbc10
  bullet (7.0.2) sha256=4b7986b366f694bb05d5c1b4ea8ba949a99224d4511bf02f0c3944112f719c81
  bundler-audit (0.9.1) sha256=bdc716fc21cd8652a6507b137e5bc51f5e0e4f6f106a114ab004c89d0200bd3d
  byebug (11.1.3) sha256=2485944d2bb21283c593d562f9ae1019bf80002143cc3a255aaffd4e9cf4a35b
  capistrano (3.17.0) sha256=95896f21634a95aa5c4d512228092d5dad51804fe1030c5d7ead7d434eac732d
  capistrano-bundler (2.0.1) sha256=b9219bec5851ff692213da58033275a0c4d8c0cba88e51aa24488bfd40f41399
  capistrano-rails (1.6.2) sha256=e95d19b74fbb38cb3e2cf325c0f0e5124e425c89147cda50780938b7ced1d0c7
  capistrano-rbenv (2.2.0) sha256=3c8f39b7c624f3806630dcb475484bb3579aef07a40efe85089d83f64b0c35f5
  capistrano-yarn (2.0.2) sha256=891e70fd932c6ba66cea9893083a0e0c8a25734d205912025a85ee608016affd
  capybara (3.37.1) sha256=4f7be2c32ca45368cfc66e9b2b60c3d334155c2f1e831c4f334b39e8aa39ae15
  case_transform (0.2) sha256=e2ad4418dceeb227cf474cc332cd5004c95c136c04186c1cceaad8ab8de6fe3b
  cbor (0.5.9.6) sha256=434a147658dd1df24ec9e7b3297c1fd4f8a691c97d0e688b3049df8e728b2114
  charlock_holmes (0.7.7) sha256=1790eca3f661ffa6bbf5866c53c7191e4b8472626fc4997ff9dbe7c425e2cb43
  chewy (7.2.4) sha256=4e1bcf8028739a4937e9f695064b93e3cac2b35585d79e404d03dd233ef8cdc9
  chunky_png (1.4.0) sha256=89d5b31b55c0cf4da3cf89a2b4ebc3178d8abe8cbaf116a1dba95668502fdcfe
  climate_control (0.2.0) sha256=51f6a7f6a3e7b94f400592c298b32b91467400ec4580065ccc26efa522d82160
  cocoon (1.2.15) sha256=d08f14e69653287d7a060ee43389b8c824e55191dffbca0c5c586f38ef491f0d
  coderay (1.1.3) sha256=dc530018a4684512f8f38143cd2a096c9f02a1fc2459edcfe534787a7fc77d4b
  color_diff (0.1) sha256=99dc39f4453e42aa3bbc6d738f82194870b974993135cee61deb2eff29deb705
  concurrent-ruby (1.1.10) sha256=244cb1ca0d91ec2c15ca2209507c39fb163336994428e16fbd3f465c87bd8e68
  connection_pool (2.2.5) sha256=13a8fc3921ce4df8e04fb65f1037251decb08d74757b41163688bd1c1feccd39
  cose (1.3.0) sha256=63247c66a5bc76e53926756574fe3724cc0a88707e358c90532ae2a320e98601
  crack (0.4.5) sha256=798416fb29b8c9f655d139d5559169b39c4a0a3b8f8f39b7f670eec1af9b21b3
  crass (1.0.6) sha256=dc516022a56e7b3b156099abc81b6d2b08ea1ed12676ac7a5657617f012bd45d
  css_parser (1.7.1) sha256=dc35cf9ea61daac68007b0ffb0d84fd3159013f546e13441c93297ca106d8411
  debug_inspector (1.0.0) sha256=174f2f95ee8e48629ee53da9f3fdc407d8a053e311ce58a3fa9405d7b9ac5cd3
  devise (4.8.1) sha256=fdd48bbe79a89e7c1152236a70479842ede48bea4fa7f4f2d8da1f872559803e
  devise-two-factor (4.0.2) sha256=6548d2696ed090d27046f888f4fa7380f151e0f823902d46fd9b91e7d0cac511
  devise_pam_authenticatable2 (9.2.0) sha256=e21ee4ac213de01e5d5863ba25e23a4304b079dc6128866edf86c17945a1378e
  diff-lcs (1.5.0) sha256=49b934001c8c6aedb37ba19daec5c634da27b318a7a3c654ae979d6ba1929b67
  discard (1.2.1) sha256=37e63deae12e37c074b206e755074a2cdfbfdf26038cefcc4ff67bcf18945bf5
  docile (1.3.4) sha256=9a4299249739c956557fa912abe20ee620399e214773c232e46b37673d0d2872
  domain_name (0.5.20190701) sha256=000a600454cb4a344769b2f10b531765ea7bd3a304fe47ed12e5ca1eab969851
  doorkeeper (5.5.4) sha256=7fe233a96f93bf0d5496e2284abf431f38ab465fd65d1972b90cbec7c45b1ea1
  dotenv (2.8.1) sha256=c5944793349ae03c432e1780a2ca929d60b88c7d14d52d630db0508c3a8a17d8
  dotenv-rails (2.8.1) sha256=b05b81b7f4e51d1359e218d92279db1d84b12440f7118c9df19b5dfffb620f6c
  ed25519 (1.3.0) sha256=514a5584f84d39daac568a17ec93a4e7261e140c52c562ed8c382c18456e627d
  elasticsearch (7.13.3) sha256=58b1ad787fafd41836388176dc09e914b2f6e0b257e73b8a51a704ba6bf75b41
  elasticsearch-api (7.13.3) sha256=888f35c64c896db7909f1a56f6c383c45ad6b73c3231649b9c989e39b3d2ba2e
  elasticsearch-dsl (0.1.10) sha256=d3756e40916e3338cbbb1bd59234515b1d2ce9c67575f1e45c5cd551b91b959c
  elasticsearch-transport (7.13.3) sha256=ab8d0226652fb5b32923f172c1abfbc7464058b7de2d9dde3215c88d518c8e2e
  encryptor (3.0.0) sha256=abf23f94ab4d864b8cea85b43f3432044a60001982cda7c33c1cd90da8db1969
  erubi (1.10.0) sha256=543802c294f917653feb650e0e77cbc33018cdb2da7910294aa80220c7a78826
  et-orbi (1.2.7) sha256=3b693d47f94a4060ccc07e60adda488759b1e8b9228a633ebbad842dfc245fb4
  excon (0.76.0) sha256=fc2725e869a3cd3ff0bbc45cf11ab4900963346df365125be6488262d6043a16
  fabrication (2.30.0) sha256=b838236df6fc45bf806a3bb4ce78546d5a925f28879ffd05fe90277265d5ba2f
  faker (2.22.0) sha256=6525d450cf5bb98ddeeb8bdd235bd2323f4fab829f491855397fb79f72ba48d9
  faraday (1.9.3) sha256=468773f7e3decd2baff8cec8e8158f71007d323a97578919fd835292927c6278
  faraday-em_http (1.0.0) sha256=7a3d4c7079789121054f57e08cd4ef7e40ad1549b63101f38c7093a9d6c59689
  faraday-em_synchrony (1.0.0) sha256=460dad1c30cc692d6e77d4c391ccadb4eca4854b315632cd7e560f74275cf9ed
  faraday-excon (1.1.0) sha256=b055c842376734d7f74350fe8611542ae2000c5387348d9ba9708109d6e40940
  faraday-httpclient (1.0.1) sha256=4c8ff1f0973ff835be8d043ef16aaf54f47f25b7578f6d916deee8399a04d33b
  faraday-multipart (1.0.3) sha256=72c82136270b0930efb03162f2dce19bd22a9a0e00abd8263cce7a20408a0e0f
  faraday-net_http (1.0.1) sha256=3245ce406ebb77b40e17a77bfa66191dda04be2fd4e13a78d8a4305854d328ba
  faraday-net_http_persistent (1.2.0) sha256=0b0cbc8f03dab943c3e1cc58d8b7beb142d9df068b39c718cd83e39260348335
  faraday-patron (1.0.0) sha256=dc2cd7b340bb3cc8e36bcb9e6e7eff43d134b6d526d5f3429c7a7680ddd38fa7
  faraday-rack (1.0.0) sha256=ef60ec969a2bb95b8dbf24400155aee64a00fc8ba6c6a4d3968562bcc92328c0
  faraday-retry (1.0.3) sha256=add154f4f399243cbe070806ed41b96906942e7f5259bb1fe6daf2ec8f497194
  fast_blank (1.0.1) sha256=269fc30414fed4e6403bc4a49081e1ea539f8b9226e59276ed1efaefabaa17ea
  fastimage (2.2.6) sha256=59fab1aa32cc6238b98e6c89071c446d8c2f86ea3dbf795b55bba80fc47bcf5a
  ffi (1.16.3) sha256=6d3242ff10c87271b0675c58d68d3f10148fabc2ad6da52a18123f06078871fb
  ffi-compiler (1.0.1) sha256=019f389b078a2fec9de7f4f65771095f80a447e34436b4588bcb629e2a564c30
  fog-core (2.1.0) sha256=53e5d793554d7080d015ef13cd44b54027e421d924d9dba4ce3d83f95f37eda9
  fog-json (1.2.0) sha256=dd4f5ab362dbc72b687240bba9d2dd841d5dfe888a285797533f85c03ea548fe
  fog-openstack (0.3.10) sha256=571d2b2b1523a13152cf7379dcc25250d12017356494992ebbe08e160c444186
  formatador (0.2.5) sha256=80821869ddacb79e72870ff4bb1531efacd278c04f2df26bc6b4529ee13582bd
  fugit (1.5.3) sha256=322837a81af9b6426f5a9249b8466d066f01800f5a442f0c7b7e9956c188b39b
  fuubar (2.5.1) sha256=b272a7804b282661c7fab583a3764f92543cb482c365ae39c685cd218fdd4880
  globalid (1.0.0) sha256=1253641b1dc3392721c964351773755d75135d3d3c5cc65d88b0a3880a60bed8
  hamlit (2.13.0) sha256=672993213ca7c1923e10dfa94a9d1831320bcfe613a9b480e54fddfd2fb7351a
  hamlit-rails (0.2.3) sha256=57bc5712cb40fe5b0ade76fd2cc58817c0547de130b5aa07f2935bd04df3e56c
  hashdiff (1.0.1) sha256=2cd4d04f5080314ecc8403c4e2e00dbaa282dff395e2d031bc16c8d501bdd6db
  hashie (5.0.0) sha256=9d6c4e51f2a36d4616cbc8a322d619a162d8f42815a792596039fc95595603da
  hcaptcha (7.1.0) sha256=a2a28431175f330df8fb0ba99664985b8509ceaafe0989ff9e516cfa431a063a
  highline (2.0.3) sha256=2ddd5c127d4692721486f91737307236fe005352d12a4202e26c48614f719479
  hiredis (0.6.3) sha256=7f052e320f7d24b5c2a9fdf67c6ff6facdf6e256394a703511bce34ecf445212
  hkdf (0.3.0) sha256=34c62c7708451aaccbbafde62c471d837aa174dc30302381dfc486a2c0ebd111
  html_tokenizer (0.0.7) sha256=e81e25646fc31b193f3146d56e3a730ad0d17735faa93feb28b6fda60b320637
  htmlentities (4.3.4) sha256=125a73c6c9f2d1b62100b7c3c401e3624441b663762afa7fe428476435a673da
  http (5.1.0) sha256=b21e4f0dac51f52df001f1fa3dd3b0a8aadf3d8468d3c520c0caddeeb4f1c14a
  http-cookie (1.0.5) sha256=73756d46c7dbdc7023deecdb8a171348ea95a1b99810b31cfe8b4fb4e9a6318f
  http-form_data (2.3.0) sha256=cc4eeb1361d9876821e31d7b1cf0b68f1cf874b201d27903480479d86448a5f3
  http_accept_language (2.1.1) sha256=0043f0d55a148cf45b604dbdd197cb36437133e990016c68c892d49dbea31634
  httpclient (2.8.3) sha256=2951e4991214464c3e92107e46438527d23048e634f3aee91c719e0bdfaebda6
  httplog (1.5.0) sha256=a2e13e512dd2afd51224ba044a47508f18913b1ef6f4cca39633803a916427b7
  i18n (1.12.0) sha256=91e3cc1b97616d308707eedee413d82ee021d751c918661fb82152793e64aced
  i18n-tasks (1.0.11) sha256=eb1c726e1a96cd267edd4ef8d200228ef2505cafac751af62586ccf37e9b0c2a
  idn-ruby (0.1.4) sha256=95c1dcb086c714d9c8f73ee8a81af149add83b096ddfd326517a1b7cbb4559f6
  ipaddress (0.8.3) sha256=85640c4f9194c26937afc8c78e3074a8e7c97d5d1210358d1440f01034d006f5
  jmespath (1.6.1) sha256=40ca83f4141bdd1e503db5485de68b84237183d84cf7a159fbeebcc6005adbd6
  json (2.6.2) sha256=940dc787e33d7e846898724331c9463fd89b54602ff5ed6561f3eaed4168657a
  json-canonicalization (0.3.0) sha256=1b97a90babe6a684cb18d2a48ebec983a818f6f4471f55fdaf2d5ddd9c34309d
  json-jwt (1.15.3) sha256=66db4f14e538a774c15502a5b5b26b1f3e7585481bbb96df490aa74b5c2d6110
  json-ld (3.2.0) sha256=77b9d8c297b2a03340b3a5e1e8451322f5aced723608148df6e2bffe0ea0d422
  json-ld-preloaded (3.2.0) sha256=fbd17eb5e706a59848ac408dc22bfa629fb9baba37c8ee38fc2e2e9d7d771740
  jsonapi-renderer (0.2.2) sha256=b5c44b033d61b4abdb6500fa4ab84807ca0b36ea0e59e47a2c3ca7095a6e447b
  jwt (2.7.0) sha256=b7e0b8669170abfe90cae8b6534d3d05d60fa3f785f0f005e44a41abcb1fd227
  kaminari (1.2.2) sha256=c4076ff9adccc6109408333f87b5c4abbda5e39dc464bd4c66d06d9f73442a3e
  kaminari-actionview (1.2.2) sha256=1330f6fc8b59a4a4ef6a549ff8a224797289ebf7a3a503e8c1652535287cc909
  kaminari-activerecord (1.2.2) sha256=0dd3a67bab356a356f36b3b7236bcb81cef313095365befe8e98057dd2472430
  kaminari-core (1.2.2) sha256=3bd26fec7370645af40ca73b9426a448d09b8a8ba7afa9ba3c3e0d39cdbb83ff
  kt-paperclip (7.2.1) sha256=2df2e54269ce315958f124c2bceda25e9e6127f9dbe0e3d5d26813912e9bf691
  launchy (2.5.0) sha256=954243c4255920982ce682f89a42e76372dba94770bf09c23a523e204bdebef5
  letter_opener (1.8.1) sha256=2d2841ec4767786996498f3f71e591458d1d0ba14d7df5162a5b044a6e24adf8
  letter_opener_web (2.0.0) sha256=33860ad41e1785d75456500e8ca8bba8ed71ee6eaf08a98d06bbab67c5577b6f
  link_header (0.0.8) sha256=15c65ce43b29f739b30d05e5f25c22c23797e89cf6f905dbb595fb4c70cb55f9
  llhttp-ffi (0.4.0) sha256=e5f7327db3cf8007e648342ef76347d6e0ae545a8402e519cca9c886eb37b001
  lograge (0.12.0) sha256=a36fc0af45194bd2d397c378f4b4fdca4b824dc8eeb9ddd35e75d4a26eaaf296
  loofah (2.18.0) sha256=61975a247a6aeb8f09ac5a3430305451efc4525c0b9b79c05feaec35a8b9d5a3
  mail (2.7.1) sha256=ec2a3d489f7510b90d8eaa3f6abaad7038cf1d663cdf8ee66d0214a0bdf99c03
  makara (0.5.1) sha256=87864cbe150a98ef41d86a6408a95f687db04d3bc65c0e7ed00411190337dd28
  marcel (1.0.2) sha256=a013b677ef46cbcb49fd5c59b3d35803d2ee04dd75d8bfdc43533fc5a31f7e4e
  mario-redis-lock (1.2.1) sha256=27307e2a16120b3c3e5e307207e28d55204e5651e4f617abd0f67e2c996c3ced
  matrix (0.4.2) sha256=71083ccbd67a14a43bfa78d3e4dc0f4b503b9cc18e5b4b1d686dc0f9ef7c4cc0
  memory_profiler (1.0.0) sha256=fbb8c010822f79dd3f346f79297eeb8f1dc25c1c9e8dd9db8694649f82531869
  method_source (1.0.0) sha256=d779455a2b5666a079ce58577bfad8534f571af7cec8107f4dce328f0981dede
  microformats (4.5.0) sha256=358fcba8b06b55bd931aed9ecefc56517b5be33d685651797d46f80a057daecd
  mime-types (3.4.1) sha256=6bcf8b0e656b6ae9977bdc1351ef211d0383252d2f759a59ef4bcf254542fc46
  mime-types-data (3.2022.0105) sha256=d8c401ba9ea8b648b7145b90081789ec714e91fd625d82c5040079c5ea696f00
  mini_mime (1.1.2) sha256=a54aec0cc7438a03a850adb00daca2bdb60747f839e28186994df057cea87151
  mini_portile2 (2.8.0) sha256=1e06b286ff19b73cfc9193cb3dd2bd80416f8262443564b25b23baea74a05765
  minitest (5.16.2) sha256=c1be0c6b57fab451faa08e74ffa71e7d6a259b90f4bacb881c7f4808ec8b4991
  msgpack (1.5.4) sha256=a53db320fba40f58c07c5b66ed9fd4d73cbe8eba4cb28fe9e3218444341a4e09
  multi_json (1.15.0) sha256=1fd04138b6e4a90017e8d1b804c039031399866ff3fbabb7822aea367c78615d
  multipart-post (2.1.1) sha256=d2dd7aa957650e0d99e0513cd388401b069f09528441b87d884609c8e94ffcfd
  net-ldap (0.17.1) sha256=52571b55f9157120833ac1667f2969ce0139251811d0a9b64657c1c135069cf9
  net-protocol (0.2.2) sha256=aa73e0cba6a125369de9837b8d8ef82a61849360eba0521900e2c3713aa162a8
  net-scp (3.0.0) sha256=8fc6c80365b95230c6bfc529dbea3893d2d81724855bfb01cbf385866e1c902c
  net-smtp (0.4.0.1) sha256=098d28fab9d9bc280a2cfada77692cdca89c83c6789bdbb8d8429f97f1bf5a33
  net-ssh (6.1.0) sha256=8905c1f9209fb216c59cc631c2e4085b1a9660598da6de0f20323264d993e34a
  nio4r (2.5.8) sha256=3becb4ad95ab8ac0a9bd2e1b16466869402be62848082bf6329ae9091f276676
  nokogiri (1.13.8) sha256=79c279298b2f22fd4e760f49990c7930436bac1b1cfeff7bacff192f30edea3c
  nsa (0.2.8) sha256=2a2653ebf88dfff8d506264bbe121cf3fd674ae812c1a4a154d6c41b8e0dfacb
  oj (3.13.18) sha256=7ef45242d268d1db587afb29b106a0f4c60e5d9ed8dabaa39b33667af1547b72
  omniauth (2.1.1) sha256=f2e43fc889fd915838bd1c812569e7e8211b7a1a53d1e0dbb9f694a163d7b297
  omniauth-cas (2.0.0)
  omniauth-rails_csrf_protection (1.0.1) sha256=fc546aeb7d43b7b9d7737051c380156e61c8f080b898cd4934d523eaa7e59acf
  omniauth-saml (2.1.0) sha256=969cb7ba271891d09dfa57b206fc274f43203c52727492517decda93decc6906
  omniauth_openid_connect (0.6.1) sha256=5f1318f5b19b05e339ff494def060b57a503b1e3ea83c3a0ced6cc014407d423
  openid_connect (1.4.2) sha256=887dab7309d559bcbe5a89130a85940f9dd1e07785dadc3edc661772776c33cd
  openssl (3.1.0) sha256=e3a01279e918a7a5cf741db69b124864878b1a9783b1f2d34854bc1d444ac430
  openssl-signature_algorithm (1.3.0) sha256=a3b40b5e8276162d4a6e50c7c97cdaf1446f9b2c3946a6fa2c14628e0c957e80
  orm_adapter (0.5.0) sha256=aa5d0be5d540cbb46d3a93e88061f4ece6a25f6e97d6a47122beb84fe595e9b9
  ox (2.14.17) sha256=bfc3ce5cecd27d940a415de5b557321cf7494058dd878bbef9a8d6186d8000fb
  parallel (1.22.1) sha256=ebdf1f0c51f182df38522f70ba770214940bef998cdb6e00f36492b29699761f
  parser (3.1.2.0) sha256=eda4d7b49bbfddad3b6ca9cdfb23302eec6cf73c2e808b6d5b0cc9161f7c0e76
  parslet (2.0.0) sha256=d45130695d39b43d7e6a91f4d2ec66b388a8d822bae38de9b4de9a5fbde1f606
  pastel (0.8.0) sha256=481da9fb7d2f6e6b1a08faf11fa10363172dc40fd47848f096ae21209f805a75
  pg (1.4.2) sha256=faefc10f8b94b78f62f36923ada3a1412d89dbd4573afd7c91d0d55bf0195ed6
  pghero (2.8.3) sha256=8ab4f07beb0496f1468b9f07423d1fe8dd009e2b725dd4d5b0583e9afcd70cec
  pkg-config (1.4.7) sha256=b396d0fce8e8f6fc309be54b12ae335368ad1156ed2e641a85f27777f4857de6
  posix-spawn (0.3.15) sha256=a2e0109bf9b9e041e74359aba9d6e9e92c1122cbdb15f6e9779d61aab606ab32
  premailer (1.14.2) sha256=e124ad7537d77529240d6c32f4157b38558e16dc376fc806c97e86cdf7f81fb8
  premailer-rails (1.11.1) sha256=669de4a827fefcff64ddc6f0389455bb632fbc2c169e466578acff873f654360
  private_address_check (0.5.0) sha256=9e1165070e4aee9aa1a5ce1c38f96583bb7843028979903664093aa637f8f016
  pry (0.13.1) sha256=1393918c415af46b6d09044d2b78dde92b29bc834fd85c369a950bab0826dc47
  pry-byebug (3.9.0) sha256=3bba08f97fea15b89cc299f3b5136e3b85763cd18cf84960eac4fbfbeb2ede24
  pry-rails (0.3.9) sha256=468662575abb6b67f4a9831219f99290d5eae7bf186e64dd810d0a3e4a8cc4b1
  public_suffix (4.0.7) sha256=8be161e2421f8d45b0098c042c06486789731ea93dc3a896d30554ee38b573b8
  puma (5.6.4) sha256=bcc971a7386919c734dcfa0344bb4b2f3b8effaaa898f19515307ab57c16f935
  pundit (2.2.0) sha256=4def4ecee890085af2d7f4968566f5d7ddb4f64d3b54c40860037a3df871e29f
  raabro (1.4.0) sha256=d4fa9ff5172391edb92b242eed8be802d1934b1464061ae5e70d80962c5da882
  racc (1.6.0) sha256=2dede3b136eeabd0f7b8c9356b958b3d743c00158e2615acab431af141354551
  rack (2.2.4) sha256=ea2232b638cbd919129c8c8ad8012ecaccc09f848152a7e705d2139d0137ac2b
  rack-attack (6.6.1) sha256=187e5d248c6a162ed8cafa8241a7b5947d9b9cf122a4870eb1cdd0db861f3a11
  rack-cors (1.1.1) sha256=4702644ac6d63ebbddff372a3cd4cd573513287e3524b5a5415f678970057a4b
  rack-oauth2 (1.21.3) sha256=4e72a79dd6a866692e84422a552b27c38a5a1918ded06661e04910f2bbe676ba
  rack-protection (3.0.5) sha256=3a428f9de18ee2a4080e2fab308f20f9e98d74dcbe06ed407a8035b46ba822a8
  rack-proxy (0.7.0) sha256=a60dc5d383b8f5c17f4d980f6281af405f352997ddb2344d3b7864784b16b949
  rack-test (2.0.2) sha256=adadd0e957f63a34199a9fdf905a920a0b0a50795735095b4ac4bd3c13385466
  rails (6.1.6) sha256=1f1dd2b3a0b91216f0ceb3d975ad33067ade51b0e9f13e97863239c1c0c09f1b
  rails-controller-testing (1.0.5) sha256=741448db59366073e86fc965ba403f881c636b79a2c39a48d0486f2607182e94
  rails-dom-testing (2.0.3) sha256=b140c4f39f6e609c8113137b9a60dfc2ecb89864e496f87f23a68b3b8f12d8d1
  rails-html-sanitizer (1.4.3) sha256=2ebba6ad9a0b100f79fda853a46851e7664febe1728223f9734281e0d55940d6
  rails-i18n (6.0.0) sha256=072c38eb0add07a91a2581bb8d240f86b7e1253f8356eb46b5f76e44ce7eac16
  rails-settings-cached (0.6.6)
  railties (6.1.6) sha256=30108b3799fe711a9c5e86f35cb44666f4cd6cef42add02b53a16c417c95be99
  rainbow (3.1.1) sha256=039491aa3a89f42efa1d6dec2fc4e62ede96eb6acd95e52f1ad581182b79bc6a
  rake (13.0.6) sha256=5ce4bf5037b4196c24ac62834d8db1ce175470391026bd9e557d669beeb19097
  rdf (3.2.3) sha256=65ceaef0aaacc3a0b0ba39c5f670ea18d12e7ef0495c4b7894970433cb016b95
  rdf-normalize (0.5.0) sha256=e108bb7ca887cc350b498e95af99558b971d0eace64dc8db249602dec5464a7b
  redcarpet (3.5.1) sha256=717f64cb6ec11c8d9ec9b521ed26ca2eeda68b4fe1fc3388a641176dbd47732f
  redis (4.5.1) sha256=dc8b9f6b0a30996a34363516bd4a49ae2998661ece6a53c84303ef81d338290f
  redis-namespace (1.8.2) sha256=eee7f0642c2b994e775b5163a4dafa234d9d5f2202e48f0e088067541925b259
  regexp_parser (2.5.0) sha256=a076d2d35ab8d11feab5fecf8aa09ec6df68c2429810748cba079f7b021ecde5
  request_store (1.5.1) sha256=07a204d161590789f2b1d27f9f0eadcdecd6d868cb2f03240250e1bc747df78e
  responders (3.0.1) sha256=613fe28e498987f4feaa3230aa6313ca4bd5f0563a3da83511b0dd6cd8f47292
  rexml (3.2.5) sha256=a33c3bf95fda7983ec7f05054f3a985af41dbc25a0339843bd2479e93cabb123
  rotp (6.2.0) sha256=239a2eefba6f1bd4157b2c735d0f975598e0ef94823eea2f35d103d2e5cc0787
  rpam2 (4.0.2) sha256=6338bf6e56264ad3555c300ec6bccdd2a9114b9d2c3aff0e150e864ff48874ff
  rqrcode (2.1.2) sha256=77f4e773db9f245c7e647486899125429b291cc91080929bfef9f08a73c02769
  rqrcode_core (1.2.0) sha256=cf4989dc82d24e2877984738c4ee569308625fed2a810960f1b02d68d0308d1a
  rspec-core (3.11.0) sha256=46317850396fea47e6793dd5a7606c0816aa38f5149f4cd5de308495b89b1085
  rspec-expectations (3.11.0) sha256=a3c0859805bdfd88bef90bf050cbb4a04f01fe9e0ad24e5b77571e1abd823100
  rspec-mocks (3.11.1) sha256=5537dc069afabcea5cbc199a1432a2772ba3a465f3233f40d04695daba7c6a1f
  rspec-rails (5.1.2) sha256=f434107474560a2e4f661ff067bd849385945395afc4d40384992822e13a1cb3
  rspec-sidekiq (3.1.0) sha256=e83e05fc967ebdb5309650f0f40b3b1e98f622dac127b41c4e165cc1f4e0ffea
  rspec-support (3.11.0) sha256=03284a86b74afbbdeff6c3dc19ac2e0fe650453a96b89f860d459ca3e825d375
  rspec_junit_formatter (0.5.1) sha256=b3af503512e8c9363c0bc23f960d024be1a8267c10fce4be63564739c32e10cb
  rubocop (1.30.1) sha256=e1fcbed368d823ff8bbda00819f0abf0d522a914dfe62499884fcb6df0ff1d21
  rubocop-ast (1.18.0) sha256=f4fa69a90e9c75145e344c5c4be3f0306a483932c5970a37c27e4a643c2777ac
  rubocop-rails (2.15.0) sha256=0cddb53d83daf0a2b4e4d9d5fc183dab3ff08255fa6150ba2e7efa5ca569a0a7
  ruby-progressbar (1.11.0) sha256=cc127db3866dc414ffccbf92928a241e585b3aa2b758a5563e74a6ee0f57d50a
  ruby-saml (1.13.0) sha256=d31cbdf5fb8fdd6aa3187e48dba3085cfeb751af30276a5739aa3659a66f069c
  ruby2_keywords (0.0.5) sha256=ffd13740c573b7301cf7a2e61fc857b2a8e3d3aff32545d6f8300d8bae10e3ef
  rufus-scheduler (3.8.1) sha256=0ca683c769a16a794981fae57d4ad745a2f31c6eee1fc8036b962a88f5667dcb
  safety_net_attestation (0.4.0) sha256=96be2d74e7ed26453a51894913449bea0e072f44490021545ac2d1c38b0718ce
  sanitize (6.0.0) sha256=81795f985873f3bacee2eaaededeaafc3a29aafeaa9aff51e04b85a66bbf08ff
  scenic (1.6.0) sha256=05713df53f0036a4da94188ded7ff68c35c2baed8960513adbab45478b238132
  securecompare (1.0.0) sha256=cb0c6599deaaedf6d28f8d88538b06e7198c4826b1b8edb1dbeb44a2162fc62b
  semantic_range (3.0.0) sha256=3066777ba546f807060d3c93892d5c52eff40f45fd48ac94cef496f4f64997b6
  sidekiq (6.5.1) sha256=74ff4ab5981249db9a9321ff238c5408a470f6fd5ac9344e2862e969098960d1
  sidekiq-bulk (0.2.0) sha256=bb13385f0e8542e211a4bf01a8b7bf4593968074840eef548e821cf7eaefde22
  sidekiq-scheduler (4.0.2) sha256=fd81e11e5fc9974dfb457193de29f1f33762d19e75eb1267483a142b2f76310c
  sidekiq-unique-jobs (7.1.26) sha256=fc08384b4cbbe7497a887d23449ca43effd6d8724ad1c597c6d59a2d62aee752
  simple-navigation (4.4.0) sha256=987c79cfb942468470554da8a6bafb16fab519a9ead1da9d64d563c8afca81f1
  simple_form (5.1.0) sha256=579ed72479704f09d0542f0eec1a79364848e6e5f2efd79a836935c05fe02a27
  simplecov (0.21.2) sha256=990db6aedb55086d6bf8874993ff1f796e4830abfa11937468ca502a0d013bc3
  simplecov-html (0.12.3) sha256=4b1aad33259ffba8b29c6876c12db70e5750cb9df829486e4c6e5da4fa0aa07b
  simplecov_json_formatter (0.1.2) sha256=d23cd340bc10d78c11f874a99ed233bdb01a111b46edd075d7079735ee918332
  smart_properties (1.17.0) sha256=f9323f8122e932341756ddec8e0ac9ec6e238408a7661508be99439ca6d6384b
  sprockets (3.7.2) sha256=5ea1d7facd09203c1aa196afd6178208cd25abdbcc2a9978810a2f0754e152a0
  sprockets-rails (3.4.2) sha256=36d6327757ccf7460a00d1d52b2d5ef0019a4670503046a129fa1fb1300931ad
  sshkit (1.21.2) sha256=6d42ad9aace0a4e3f860a7afb7caea513509f96a13860fd0883ffe757884faeb
  stackprof (0.2.20) sha256=ec2d12d9ada94add9456488aa41ba8ad14278e92154687168c4d912d9645309e
  statsd-ruby (1.5.0) sha256=369ddf09537408e273849e09b84d4edbdac24ac461f5c9b6cacb0e4398190109
  stoplight (3.0.0) sha256=e8361d2632e5ef9b2c18e1f557c2b4131b13e68e6ad20281f8b851eb85c34898
  strong_migrations (0.7.9) sha256=3cd4e18f481ef06fc99952a75d64c7f1fbd4da6f7ceb564907e0da2c622e647a
  swd (1.3.0) sha256=bc382a19e1d36a95529b25152976db61b80376c3d486b21c8dd60ac2b5c06389
  temple (0.8.2) sha256=c12071214346c606dbd219b4117276d04a9f2c20d65e66a66b2c4ec18efc1f18
  terminal-table (3.0.2) sha256=f951b6af5f3e00203fb290a669e0a85c5dd5b051b3b023392ccfd67ba5abae91
  terrapin (0.6.0) sha256=c9fea9f13a40dc7c75212d1b9d4ee7e4542ffe7811bf700a38ba30900b70285c
  thor (1.2.1) sha256=b1752153dc9c6b8d3fcaa665e9e1a00a3e73f28da5e238b81c404502e539d446
  tilt (2.0.10) sha256=9b664f0e9ae2b500cfa00f9c65c34abc6ff1799cf0034a8c0a0412d520fac866
  timeout (0.4.1) sha256=6f1f4edd4bca28cffa59501733a94215407c6960bd2107331f0280d4abdebb9a
  tpm-key_attestation (0.12.0) sha256=e133d80cf24fef0e7a7dfad00fd6aeff01fc79875fbfc66cd8537bbd622b1e6d
  tty-color (0.6.0) sha256=6f9c37ca3a4e2367fb2e6d09722762647d6f455c111f05b59f35730eeb24332a
  tty-cursor (0.7.1) sha256=79534185e6a777888d88628b14b6a1fdf5154a603f285f80b1753e1908e0bf48
  tty-prompt (0.23.1) sha256=fcdbce905238993f27eecfdf67597a636bc839d92192f6a0eef22b8166449ec8
  tty-reader (0.9.0) sha256=c62972c985c0b1566f0e56743b6a7882f979d3dc32ff491ed490a076f899c2b1
  tty-screen (0.8.1) sha256=6508657c38f32bdca64880abe201ce237d80c94146e1f9b911cba3c7823659a2
  twitter-text (3.1.0) sha256=7fa4b3abf380ba26f3b4d310f41c6fecab0c0f137e7d51d6b201d02117b8d5b6
  tzinfo (2.0.5) sha256=c5352fd901544d396745d013f46a04ae2ed081ce806d942099825b7c2b09a167
  tzinfo-data (1.2022.1) sha256=43c4b2d1854747223ba3c5067b2da49d21592ef0df0d738a918564707ef76e7b
  unf (0.1.4) sha256=4999517a531f2a955750f8831941891f6158498ec9b6cb1c81ce89388e63022e
  unf_ext (0.0.8.2) sha256=90b9623ee359cc4878461c5d2eab7d3d3ce5801a680a9e7ac83b8040c5b742fa
  unicode-display_width (2.1.0) sha256=b6ff8c329fdbfcf67e4e6de642ba3df0f5e1e05935be9a2203333a0875aa5233
  uniform_notifier (1.16.0) sha256=99b39ee4a0864e3b49f375b5e5803eb26d35ed6eb1719c96407573a87bc4dbb5
  validate_email (0.1.6) sha256=9dfe9016d527b17a8d3a6e95e4dc50a125400eef899d13d4cc2a254393f82ee4
  validate_url (1.0.15) sha256=72fe164c0713d63a9970bd6700bea948babbfbdcec392f2342b6704042f57451
  warden (1.2.9) sha256=46684f885d35a69dbb883deabf85a222c8e427a957804719e143005df7a1efd0
  webauthn (3.0.0) sha256=3f77d422c2a8a4b31e56cf42f83414bd066e0506e9896936e1730262dc4a20e6
  webfinger (1.2.0) sha256=7814ef1c85da47514f65c6e5ca14205fa9ce41ea2a70785e0c872842162852a2
  webmock (3.14.0) sha256=b317a4f6fa7ebcc1e6e2cba29f01fccc12a5e9aa4365b037c34ca4072e821bd1
  webpacker (5.4.3) sha256=639711e2c26eeb40d1748c67ca35275862a29978ab3a39e189758dca71a906b3
  webpush (0.3.8) sha256=ba8019661a265ac81e0eb77ae063eac94b66b34e19c68bc0fc7109ce7254273e
  websocket-driver (0.7.5) sha256=a280c3f44dcbb0323d58bc78dc49350c05d589ab7d13267fcff08d9d5ae76b28
  websocket-extensions (0.1.5) sha256=1c6ba63092cda343eb53fc657110c71c754c56484aad42578495227d717a8241
  wisper (2.0.1) sha256=ce17bc5c3a166f241a2e6613848b025c8146fce2defba505920c1d1f3f88fae6
  xorcist (1.1.2) sha256=b6697602bab5a6d089f0204bf9ce580e74a516130cd3e7d2fe0c06ebf1c8f0e0
  xpath (3.2.0) sha256=6dfda79d91bb3b949b947ecc5919f042ef2f399b904013eb3ef6d20dd3a4082e
  zeitwerk (2.6.0) sha256=6cb2ee4645c6e597640d6f2d8cc91a59a6699ab38896a5c3fac3eefeb5c84d76

RUBY VERSION
   ruby 3.3.0.dev

BUNDLED WITH
   2.5.0.dev
